PATH
  remote: .
  specs:
    ruby-production-breakpoints (0.0.1)

GEM
  remote: https://rubygems.org/
  specs:
    minitest (5.11.3)
    rake (10.5.0)

PLATFORMS
  ruby

DEPENDENCIES
  minitest
  rake (< 11.0)
  ruby-production-breakpoints!

BUNDLED WITH
   1.17.2
