PATH
  remote: .
  specs:
    ruby-production-breakpoints (0.0.4)
      ruby-static-tracing (>= 0.0.15)

GEM
  remote: https://rubygems.org/
  specs:
    byebug (11.0.1)
    coderay (1.1.2)
    docile (1.3.2)
    json (2.2.0)
    method_source (0.9.2)
    minitest (5.11.3)
    minitest-hooks (1.5.0)
      minitest (> 5.3)
    pry (0.12.2)
      coderay (~> 1.1.0)
      method_source (~> 0.9.0)
    pry-byebug (3.7.0)
      byebug (~> 11.0)
      pry (~> 0.10)
    rake (10.5.0)
    ruby-static-tracing (0.0.15)
      unmixer
    simplecov (0.17.0)
      docile (~> 1.1)
      json (>= 1.8, < 3)
      simplecov-html (~> 0.10.0)
    simplecov-html (0.10.2)
    unmixer (0.5.0)

PLATFORMS
  ruby

DEPENDENCIES
  minitest
  minitest-hooks
  pry-byebug
  rake (< 11.0)
  ruby-production-breakpoints!
  simplecov

BUNDLED WITH
   2.0.1
